PATH
  remote: .
  specs:
    ProMotion (0.7.6)

GEM
  remote: https://rubygems.org/
  specs:
    bubble-wrap (1.3.0)
    formotion (1.3.1)
      bubble-wrap (>= 1.1.4)
      motion-require (~> 0.0.3)
    motion-redgreen (0.1.0)
    motion-require (0.0.6)
    motion-stump (0.2.1)
    rake (10.0.4)

PLATFORMS
  ruby

DEPENDENCIES
  ProMotion!
  formotion
  motion-redgreen
  motion-stump
  rake
